PATH
  remote: .
  specs:
    power_bi_embedded (0.1.0)
      httparty (~> 0.16)

GEM
  remote: https://rubygems.org/
  specs:
    httparty (0.16.3)
      mime-types (~> 3.0)
      multi_xml (>= 0.5.2)
    mime-types (3.2.2)
      mime-types-data (~> 3.2015)
    mime-types-data (3.2018.0812)
    multi_xml (0.6.0)
    sqlite3 (1.3.13)

PLATFORMS
  ruby

DEPENDENCIES
  power_bi_embedded!
  sqlite3 (~> 1.3)

BUNDLED WITH
   1.16.2
